GEM
  remote: https://rubygems.org/
  specs:
    kgio (2.10.0)
    mustermann (3.0.0)
      ruby2_keywords (~> 0.0.1)
    pg (0.18.4)
    rack (2.2.4)
    rack-protection (3.0.4)
      rack
    raindrops (0.15.0)
    ruby2_keywords (0.0.5)
    sequel (4.30.0)
    sinatra (3.0.4)
      mustermann (~> 3.0)
      rack (~> 2.2, >= 2.2.4)
      rack-protection (= 3.0.4)
      tilt (~> 2.0)
    tilt (2.0.11)
    unicorn (5.0.1)
      kgio (~> 2.6)
      rack
      raindrops (~> 0.7)

PLATFORMS
  ruby

DEPENDENCIES
  pg
  sequel
  sinatra (>= 2.2.3)
  unicorn

BUNDLED WITH
   1.17.3
