GEM
  remote: https://rubygems.org/
  specs:
    kgio (2.11.2)
    mustermann (1.0.3)
    pg (0.18.4)
    rack (2.0.8)
    rack-protection (2.0.7)
      rack
    raindrops (0.19.0)
    sequel (4.30.0)
    sinatra (2.0.7)
      mustermann (~> 1.0)
      rack (~> 2.0)
      rack-protection (= 2.0.7)
      tilt (~> 2.0)
    tilt (2.0.10)
    unicorn (5.5.1)
      kgio (~> 2.6)
      raindrops (~> 0.7)

PLATFORMS
  ruby

DEPENDENCIES
  pg
  sequel
  sinatra (>= 1.4.7)
  unicorn (>= 5.0.1)

BUNDLED WITH
   1.17.3
