GEM
  remote: https://rubygems.org/
  specs:
    kgio (2.11.4)
    mustermann (1.1.1)
      ruby2_keywords (~> 0.0.1)
    pg (0.18.4)
    rack (2.2.3.1)
    rack-protection (2.2.0)
      rack
    raindrops (0.20.0)
    ruby2_keywords (0.0.5)
    sequel (4.30.0)
    sinatra (2.2.0)
      mustermann (~> 1.0)
      rack (~> 2.2)
      rack-protection (= 2.2.0)
      tilt (~> 2.0)
    tilt (2.0.10)
    unicorn (6.1.0)
      kgio (~> 2.6)
      raindrops (~> 0.7)

PLATFORMS
  ruby

DEPENDENCIES
  pg
  sequel
  sinatra (>= 2.0.0)
  unicorn

BUNDLED WITH
   1.17.3
